PATH
  remote: .
  specs:
    lti2_commons (1.4)
      httparty
      lrucache
      oauth (~> 0.4.5)

GEM
  remote: http://rubygems.org/
  specs:
    PriorityQueue (0.1.2)
    httparty (0.11.0)
      multi_json (~> 1.0)
      multi_xml (>= 0.5.2)
    lrucache (0.1.4)
      PriorityQueue (~> 0.1.2)
    multi_json (1.7.8)
    multi_xml (0.5.5)
    oauth (0.4.7)

PLATFORMS
  ruby

DEPENDENCIES
  lti2_commons!
